PATH
  remote: .
  specs:
    nethttp-opentracing (0.1.4)
      opentracing (~> 0.3)

GEM
  remote: https://artifacts.dox.support/repository/gems/
  specs:
    addressable (2.7.0)
      public_suffix (>= 2.0.2, < 5.0)
    ast (2.4.0)
    crack (0.4.3)
      safe_yaml (~> 1.0.0)
    diff-lcs (1.3)
    dox-style (1.3.0)
      rubocop (~> 0.77)
      rubocop-performance (~> 1.5.1)
      rubocop-rails (~> 2.2.0)
      rubocop-rspec (~> 1.37.0)
    hashdiff (1.0.1)
    jaro_winkler (1.5.4)
    opentracing (0.5.0)
    opentracing_test_tracer (0.1.1)
      opentracing
    parallel (1.19.1)
    parser (2.7.1.2)
      ast (~> 2.4.0)
    public_suffix (4.0.5)
    rack (2.2.2)
    rainbow (3.0.0)
    rake (10.5.0)
    rdoc (6.2.1)
    rexml (3.2.4)
    rspec (3.9.0)
      rspec-core (~> 3.9.0)
      rspec-expectations (~> 3.9.0)
      rspec-mocks (~> 3.9.0)
    rspec-core (3.9.2)
      rspec-support (~> 3.9.3)
    rspec-expectations (3.9.2)
      diff-lcs (>= 1.2.0, < 2.0)
      rspec-support (~> 3.9.0)
    rspec-mocks (3.9.1)
      diff-lcs (>= 1.2.0, < 2.0)
      rspec-support (~> 3.9.0)
    rspec-support (3.9.3)
    rspec_junit_formatter (0.4.1)
      rspec-core (>= 2, < 4, != 2.12.0)
    rubocop (0.80.1)
      jaro_winkler (~> 1.5.1)
      parallel (~> 1.10)
      parser (>= 2.7.0.1)
      rainbow (>= 2.2.2, < 4.0)
      rexml
      ruby-progressbar (~> 1.7)
      unicode-display_width (>= 1.4.0, < 1.7)
    rubocop-performance (1.5.2)
      rubocop (>= 0.71.0)
    rubocop-rails (2.2.1)
      rack (>= 1.1)
      rubocop (>= 0.72.0)
    rubocop-rspec (1.37.1)
      rubocop (>= 0.68.1)
    ruby-progressbar (1.10.1)
    safe_yaml (1.0.5)
    sdoc (1.0.0)
      rdoc (>= 5.0)
    unicode-display_width (1.6.1)
    webmock (3.4.2)
      addressable (>= 2.3.6)
      crack (>= 0.3.2)
      hashdiff

PLATFORMS
  ruby

DEPENDENCIES
  bundler (~> 2.1.4)
  dox-style
  nethttp-opentracing!
  opentracing_test_tracer (~> 0.1)
  rake (~> 10.0)
  rspec (~> 3.0)
  rspec_junit_formatter
  sdoc
  webmock (~> 3.4.2)

BUNDLED WITH
   2.1.4
